GEM
  remote: https://rubygems.org/
  specs:
    POpen4 (0.1.4)
      Platform (>= 0.4.0)
      open4
    Platform (0.4.0)
    addressable (2.2.6)
    backports (2.3.0)
    eventmachine (1.0.9.1)
    foreman (0.27.0)
      term-ansicolor (~> 1.0.5)
      thor (>= 0.13.6)
    haml (3.1.4)
    heroku (2.16.2)
      launchy (>= 0.3.2)
      rest-client (~> 1.6.1)
      rubyzip
      term-ansicolor (~> 1.0.5)
    jammit (0.6.5)
      yui-compressor (>= 0.9.3)
    launchy (2.0.5)
      addressable (~> 2.2.6)
    maruku (0.6.0)
      syntax (>= 1.0.0)
    mime-types (1.17.2)
    open4 (1.3.0)
    rack (1.3.5)
    rack-protection (1.1.4)
      rack
    rack-test (0.6.1)
      rack (>= 1.0)
    rake (0.9.2.2)
    rest-client (1.6.7)
      mime-types (>= 1.16)
    rubyzip (0.9.5)
    sass (3.1.11)
    sinatra (1.3.1)
      rack (~> 1.3, >= 1.3.4)
      rack-protection (~> 1.1, >= 1.1.2)
      tilt (~> 1.3, >= 1.3.3)
    sinatra-contrib (1.3.1)
      backports (>= 2.0)
      eventmachine
      rack-protection
      rack-test
      sinatra (~> 1.3.0)
      tilt (~> 1.3)
    sinatra-reloader (1.0)
      sinatra-contrib
    syntax (1.0.0)
    term-ansicolor (1.0.7)
    thor (0.14.6)
    tilt (1.3.3)
    yui-compressor (0.9.6)
      POpen4 (>= 0.1.4)

PLATFORMS
  ruby

DEPENDENCIES
  foreman
  haml
  heroku
  jammit
  maruku
  rake
  sass
  sinatra
  sinatra-contrib
  sinatra-reloader

BUNDLED WITH
   1.10.6
